GEM
  remote: https://rubygems.org/
  specs:
    json (2.6.2)
    mustermann (1.1.1)
      ruby2_keywords (~> 0.0.1)
    nio4r (2.5.8)
    puma (5.6.4)
      nio4r (~> 2.0)
    rack (2.2.4)
    rack-protection (2.2.1)
      rack
    rack-test (2.0.2)
      rack (>= 1.3)
    ruby2_keywords (0.0.5)
    sinatra (2.2.1)
      mustermann (~> 1.0)
      rack (~> 2.2)
      rack-protection (= 2.2.1)
      tilt (~> 2.0)
    tilt (2.0.10)

PLATFORMS
  x64-mingw-ucrt

DEPENDENCIES
  json
  puma
  rack-test
  sinatra

BUNDLED WITH
   2.3.18
